GEM
  remote: https://rubygems.org/
  specs:
    backports (3.6.4)
    mimemagic (0.3.0)
    mini_portile (0.6.2)
    mp3info (0.8.5)
      ruby-mp3info (>= 0.8.5)
    mp4info (1.7.3)
    multi_json (1.11.2)
    nokogiri (1.6.6.2)
      mini_portile (~> 0.6.0)
    rack (1.6.4)
    rack-protection (1.5.3)
      rack
    rack-test (0.6.3)
      rack (>= 1.0)
    ruby-mp3info (0.8.6)
    sinatra (1.4.6)
      rack (~> 1.4)
      rack-protection (~> 1.4)
      tilt (>= 1.3, < 3)
    sinatra-contrib (1.4.6)
      backports (>= 2.0)
      multi_json
      rack-protection
      rack-test
      sinatra (~> 1.4.0)
      tilt (>= 1.3, < 3)
    slim (3.0.3)
      temple (~> 0.7.3)
      tilt (>= 1.3.3, < 2.1)
    temple (0.7.5)
    tilt (2.0.1)

PLATFORMS
  ruby

DEPENDENCIES
  mimemagic
  mp3info
  mp4info
  nokogiri
  sinatra
  sinatra-contrib
  slim
